RESTRICTION: == net8.0
NUGET
  remote: https://api.nuget.org/v3/index.json
    FSharp.Core (8.0.100)
    FSharp.Data (6.3)
      FSharp.Core (>= 5.0.1)
      FSharp.Data.Csv.Core (>= 6.3)
      FSharp.Data.Html.Core (>= 6.3)
      FSharp.Data.Http (>= 6.3)
      FSharp.Data.Json.Core (>= 6.3)
      FSharp.Data.Runtime.Utilities (>= 6.3)
      FSharp.Data.WorldBank.Core (>= 6.3)
      FSharp.Data.Xml.Core (>= 6.3)
    FSharp.Data.Csv.Core (6.3)
      FSharp.Core (>= 5.0.1)
      FSharp.Data.Runtime.Utilities (>= 6.3)
    FSharp.Data.Html.Core (6.3)
      FSharp.Core (>= 5.0.1)
      FSharp.Data.Csv.Core (>= 6.3)
      FSharp.Data.Runtime.Utilities (>= 6.3)
    FSharp.Data.Http (6.3)
      FSharp.Core (>= 5.0.1)
    FSharp.Data.Json.Core (6.3)
      FSharp.Core (>= 5.0.1)
      FSharp.Data.Http (>= 6.3)
      FSharp.Data.Runtime.Utilities (>= 6.3)
    FSharp.Data.Runtime.Utilities (6.3)
      FSharp.Core (>= 5.0.1)
      FSharp.Data.Http (>= 6.3)
    FSharp.Data.WorldBank.Core (6.3)
      FSharp.Core (>= 5.0.1)
      FSharp.Data.Http (>= 6.3)
      FSharp.Data.Json.Core (>= 6.3)
      FSharp.Data.Runtime.Utilities (>= 6.3)
    FSharp.Data.Xml.Core (6.3)
      FSharp.Core (>= 5.0.1)
      FSharp.Data.Http (>= 6.3)
      FSharp.Data.Json.Core (>= 6.3)
      FSharp.Data.Runtime.Utilities (>= 6.3)
    Microsoft.CodeCoverage (17.8)
    Microsoft.NET.Test.Sdk (17.8)
      Microsoft.CodeCoverage (>= 17.8)
      Microsoft.TestPlatform.TestHost (>= 17.8)
    Microsoft.NETCore.Platforms (7.0.4)
    Microsoft.TestPlatform.ObjectModel (17.8)
      NuGet.Frameworks (>= 6.5)
      System.Reflection.Metadata (>= 1.6)
    Microsoft.TestPlatform.TestHost (17.8)
      Microsoft.TestPlatform.ObjectModel (>= 17.8)
      Newtonsoft.Json (>= 13.0.1)
    NETStandard.Library (2.0.3)
      Microsoft.NETCore.Platforms (>= 1.1)
    Newtonsoft.Json (13.0.3)
    NuGet.Frameworks (6.8)
    System.Collections.Immutable (8.0)
    System.Reflection.Metadata (8.0)
      System.Collections.Immutable (>= 8.0)
    xunit (2.6.2)
      xunit.analyzers (>= 1.6)
      xunit.assert (>= 2.6.2)
      xunit.core (2.6.2)
    xunit.abstractions (2.0.3)
    xunit.analyzers (1.6)
    xunit.assert (2.6.2)
    xunit.core (2.6.2)
      xunit.extensibility.core (2.6.2)
      xunit.extensibility.execution (2.6.2)
    xunit.extensibility.core (2.6.2)
      NETStandard.Library (>= 1.6.1)
      xunit.abstractions (>= 2.0.3)
    xunit.extensibility.execution (2.6.2)
      NETStandard.Library (>= 1.6.1)
      xunit.extensibility.core (2.6.2)
    xunit.runner.visualstudio (2.5.4)
